GIT
  remote: https://github.com/circleci/minitest-ci.git
  revision: 93cd2baa6b6a5d4befdbb5e558c6d8d8699bbc8a
  specs:
    minitest-ci (3.3.0)
      minitest (>= 5.0.6)

GEM
  remote: http://rubygems.org/
  specs:
    ansi (1.5.0)
    ast (2.3.0)
    builder (3.2.3)
    ci_reporter (2.0.0)
      builder (>= 2.1.2)
    ci_reporter_minitest (1.0.0)
      ci_reporter (~> 2.0)
      minitest (~> 5.0)
    colored (1.2)
    coveralls (0.8.21)
      json (>= 1.8, < 3)
      simplecov (~> 0.14.1)
      term-ansicolor (~> 1.3)
      thor (~> 0.19.4)
      tins (~> 1.6)
    docile (1.1.5)
    git (1.3.0)
    json (2.1.0)
    minitest (5.10.3)
    minitest-reporters (1.1.18)
      ansi
      builder
      minitest (>= 5.0)
      ruby-progressbar
    parallel (1.12.0)
    parser (2.4.0.2)
      ast (~> 2.3)
    powerpack (0.1.1)
    rainbow (2.2.2)
      rake
    rake (11.2.2)
    rubocop (0.49.1)
      parallel (~> 1.10)
      parser (>= 2.3.3.1, < 3.0)
      powerpack (~> 0.1)
      rainbow (>= 1.99.1, < 3.0)
      ruby-progressbar (~> 1.7)
      unicode-display_width (~> 1.0, >= 1.0.1)
    rubocop-checkstyle_formatter (0.1.1)
      rubocop (>= 0.14.0)
    ruby-progressbar (1.9.0)
    simplecov (0.14.1)
      docile (~> 1.1.0)
      json (>= 1.8, < 3)
      simplecov-html (~> 0.10.0)
    simplecov-html (0.10.2)
    term-ansicolor (1.6.0)
      tins (~> 1.0)
    thor (0.19.4)
    tins (1.15.1)
    unicode-display_width (1.3.0)

PLATFORMS
  ruby
  x64-mingw32
  x86-mingw32

DEPENDENCIES
  ci_reporter_minitest (~> 1.0.0)
  colored (~> 1.2)
  coveralls
  git
  minitest (~> 5.9)
  minitest-ci!
  minitest-reporters
  rake (~> 11.2.2)
  rubocop (~> 0.49.0)
  rubocop-checkstyle_formatter (~> 0.1.1)

BUNDLED WITH
   1.16.0
