GIT
  remote: https://github.com/circleci/minitest-ci.git
  revision: 8b72b0f32f154d91b53d63d1d0a8a8fb3b01d726
  specs:
    minitest-ci (3.4.0)
      minitest (>= 5.0.6)

GEM
  remote: http://rubygems.org/
  specs:
    ansi (1.5.0)
    ast (2.4.0)
    builder (3.2.3)
    ci_reporter (2.0.0)
      builder (>= 2.1.2)
    ci_reporter_minitest (1.0.0)
      ci_reporter (~> 2.0)
      minitest (~> 5.0)
    codecov (0.1.14)
      json
      simplecov
      url
    colored (1.2)
    docile (1.3.1)
    git (1.5.0)
    json (2.1.0)
    minitest (5.11.3)
    minitest-reporters (1.3.5)
      ansi
      builder
      minitest (>= 5.0)
      ruby-progressbar
    parallel (1.12.1)
    parser (2.5.3.0)
      ast (~> 2.4.0)
    powerpack (0.1.2)
    rainbow (2.2.2)
      rake
    rake (11.2.2)
    rubocop (0.49.1)
      parallel (~> 1.10)
      parser (>= 2.3.3.1, < 3.0)
      powerpack (~> 0.1)
      rainbow (>= 1.99.1, < 3.0)
      ruby-progressbar (~> 1.7)
      unicode-display_width (~> 1.0, >= 1.0.1)
    rubocop-checkstyle_formatter (0.1.1)
      rubocop (>= 0.14.0)
    ruby-progressbar (1.10.0)
    simplecov (0.16.1)
      docile (~> 1.1)
      json (>= 1.8, < 3)
      simplecov-html (~> 0.10.0)
    simplecov-html (0.10.2)
    unicode-display_width (1.4.0)
    url (0.3.2)

PLATFORMS
  ruby
  x64-mingw32
  x86-mingw32

DEPENDENCIES
  ci_reporter_minitest (~> 1.0.0)
  codecov
  colored (~> 1.2)
  git
  minitest (~> 5.9)
  minitest-ci!
  minitest-reporters
  rake (~> 11.2.2)
  rubocop (~> 0.49.0)
  rubocop-checkstyle_formatter (~> 0.1.1)
  simplecov

BUNDLED WITH
   1.16.1
